GEM
  remote: http://rubygems.org/
  specs:
    i18n (0.6.0)
    rake (0.9.2.2)
    redcarpet (3.5.1)

PLATFORMS
  ruby

DEPENDENCIES
  i18n
  rake
  redcarpet
